PATH
  remote: .
  specs:
    newrelic-metrics (0.0.4)
      chronic (~> 0.10.2)
      json (~> 1.8.1)
      rest-client (~> 1.7.2)

GEM
  remote: https://rubygems.org/
  specs:
    chronic (0.10.2)
    json (1.8.1)
    mime-types (2.3)
    netrc (0.7.7)
    rest-client (1.7.2)
      mime-types (>= 1.16, < 3.0)
      netrc (~> 0.7)

PLATFORMS
  ruby

DEPENDENCIES
  newrelic-metrics!
